GEM
  remote: http://rubygems.org/
  specs:
    forgery (0.3.7)
      nokogiri (~> 1.4)
    nokogiri (1.4.4)

PLATFORMS
  ruby

DEPENDENCIES
  forgery
